GENERATE-LOAD-SCRIPTS: ON
RESTRICTION: == net46
NUGET
  remote: https://www.nuget.org/api/v2
    FsCheck (2.10.8)
      FSharp.Core (>= 4.0.0.1)
    FSharp.Core (4.3.4)
